##TITLE= Parameter file, TopSpin 4.0.6
##JCAMPDX= 5.0
##DATATYPE= Parameter Values
##NPOINTS= 31	$$ modification sequence number
##ORIGIN= Bruker BioSpin GmbH
##OWNER= nmr
$$ 2024-04-24 14:31:19.353 +0200  nmr@CZC72773GJ
$$ C:/Data/Biffo/240424_93Nb_A026b_Daisy_1.9mm/1//specpar
$$ process C:\Bruker\TopSpin4.0.6\prog\mod\acqdataserver.exe
##$ANCIEN= (0..7)
0 0 0 0 0 0 0 0
##$BF1= 100.13
##$BF2= 100.13
##$BF3= 100.13
##$DEC= 1
##$DECB= 1
##$DEF19F= yes
##$DEFRSEL= yes
##$HPMOD= (0..32)
0 0 0 0 0 0 0 0 0 0 0 0 0 0 0 0 0 0 0 0 0 0 0 0 0 0 0 0 0 0 0 0 0
##$HPPRECH= (0..32)
-1 -1 -1 -1 -1 -1 -1 -1 -1 -1 -1 -1 -1 -1 -1 -1 -1 -1 -1 -1 -1 -1 -1 -1
-1 -1 -1 -1 -1 -1 -1 -1 -1
##$HPSELECT= yes
##$LOCSW19F= -1
##$LOCSW2H= -1
##$NUC1= 54
##$NUC2= 0
##$NUC3= 0
##$NUC4= 0
##$NUC5= 0
##$NUC6= 0
##$NUC7= 0
##$NUC8= 0
##$NUCARR= (0..123)
500.159999997 500.159999997 76.777605274 533.490532355 381.016766359 73.603975737
194.381167074 70.2815479 53.735479852 160.471204357 125.765332031 36.143147107
50.680772659 67.803975331 470.620605414 39.484110873 132.301823039 30.617969616
130.325985974 99.367722498 202.468479186 38.3922816 49.005221654 40.79167416
23.339331197 12.810623088 33.660913046 121.497601794 28.196690054 28.204207459
49.867497494 131.556824716 28.271523993 123.985752748 16.194070444 118.673333318
44.694552681 132.619789756 142.063910908 31.294025885 120.045172165 152.532314725
17.447156304 85.640466182 95.38807942 26.096958356 125.309986367 135.075800428
19.24415616 48.290162909 163.654622725 21.676044115 24.508830317 46.496364076
122.420011871 32.595057082 33.279120912 112.577643321 23.033123241 25.81510319
15.937333315 22.88782176 20.245571511 23.275110653 106.111344767 111.00138408
109.363760207 109.598205206 163.646094998 178.218306613 186.51282501 119.691173922
64.816819747 130.890581587 157.79932463 100.069441977 139.095426297 41.232795273
65.601695827 49.688180131 55.582420684 65.99261088 70.650806025 153.148991999
27.25872 16.805376 20.856672 17.205504 124.339775999 54.917568 15.354912
20.156448 120.238464 17.205504 24.107712 106.734143999 14.404608 41.463264
87.524528889 24.1127136 57.038246399 40.6680096 20.0414112 12.5890272 59.96718336
20.838601219 112.659039359 113.794402559 11.415306729 38.83942464 8.5927488
9.3579936 107.518314854 8.6477664 89.582767315 33.068493533 285.707397118
288.511484139 104.636467958 80.37215086 9.20994624 18.155808 100 100
##$NUCOFFS= (0..127)
<1H> <79Br> <13C> <29Si> <2H> <31P> <15N> <6Li> <19F> <7Li> <17O> <27Al>
<23Na> <33S> <41K> <61Ni> <133Cs> <51V> <35Cl> <81Br> <55Mn> <37Cl> <209Bi>
<207Pb> <45Sc> <14N> <205Tl> <3H> <3He> <89Y> <11B> <119Sn> <63Cu> <21Ne>
<93Nb> <95Mo> <49Ti> <137Ba> <203Tl> <71Ga> <125Te> <115In> <9Be> <> <>
<> <> <> <> <> <> <> <> <> <> <> <> <> <> <> <> <> <> <> <> <> <> <> <>
<> <> <> <> <> <> <> <> <> <> <> <> <> <> <> <> <> <> <> <> <> <> <> <>
<> <> <> <> <> <> <> <> <> <> <> <> <> <> <> <> <> <> <> <> <> <> <> <>
<> <> <> <> <> <> <> <> <> <> <>
##$OBS= 1
##$OFFS= (0..127)
0 0 0 0 0 0 0 0 0 0 0 0 0 0 0 0 0 0 0 0 0 0 0 0 0 0 0 0 0 0 0 0 0 0 0 0
0 0 0 0 0 0 0 0 0 0 0 0 0 0 0 0 0 0 0 0 0 0 0 0 0 0 0 0 0 0 0 0 0 0 0 0
0 0 0 0 0 0 0 0 0 0 0 0 0 0 0 0 0 0 0 0 0 0 0 0 0 0 0 0 0 0 0 0 0 0 0 0
0 0 0 0 0 0 0 0 0 0 0 0 0 0 0 0 0 0 0 0
##$OFFSF= (0..7)
0 0 0 0 0 0 0 0
##$OFFSH= (0..7)
0 0 0 0 0 0 0 0
##$OFFSX= (0..7)
0 0 0 0 0 0 0 0
##$OFFSXAS= (0..7)
0 0 0 0 0 0 0 0
##$OFSF1= 0
##$OFSF2= 0
##$OFSH1= 0
##$OFSH2= 0
##$OFSH3= 0
##$OFSX1= 0
##$OFSX2= 0
##$OFSY= 0
##$PACOIL= (0..32)
0 0 0 0 0 0 0 0 0 0 0 0 0 0 0 0 0 0 0 0 0 0 0 0 0 0 0 0 0 0 0 0 0
##$PRECHAN= (0..32)
-1 0 1 2 -1 3 -1 -1 -1 -1 -1 -1 -1 -1 -1 -1 -1 -1 -1 -1 -1 -1 -1 -1 -1
-1 -1 -1 -1 -1 -1 -1 -1
##$RECPRE= (0..25)
-1 0 1 2 3 -1 -1 -1 -1 -1 -1 -1 -1 -1 -1 -1 -1 -1 -1 -1 -1 -1 -1 -1 -1
-1
##$RECPRFX= (0..32)
1 1 1 1 0 0 0 0 0 0 0 0 0 0 0 0 0 0 0 0 0 0 0 0 0 0 0 0 0 0 0 0 0
##$RECSEL= (0..24)
0 1 2 3 4 0 0 0 0 0 0 0 0 0 0 0 0 0 0 0 0 0 0 0 0
##$SELREC= (0..24)
0 0 0 0 0 0 0 0 0 0 0 0 0 0 0 0 0 0 0 0 0 0 0 0 0
##$SFO1= 122.290969
##$SFO2= 500.16
##$SFO3= 500.16
##$SFO4= 500.16
##$SFO5= 500.164022
##$SFO6= 500.164022
##$SFO7= 500.164022
##$SFO8= 500.164022
##$TY= (0..123)
0 0 0 0 0 0 0 0 0 0 0 0 0 0 0 0 0 0 0 0 0 0 0 0 0 0 0 0 0 0 0 0 0 0 0 0
0 0 0 0 0 0 0 0 0 0 0 0 0 0 0 0 0 0 0 0 0 0 0 0 0 0 0 0 0 0 0 0 0 0 0 0
0 0 0 0 0 0 0 0 0 0 0 0 0 0 0 0 0 0 0 0 0 0 0 0 0 0 0 0 0 0 0 0 0 0 0 0
0 0 0 0 0 0 0 0 0 0 0 0 0 0 0 0
##END=
